PATH
  remote: .
  specs:
    filestack-ruby (0.1.0)
      mimemagic (~> 0.3.2)
      parallel (~> 1.11.2)
      typhoeus (~> 1.1)
      unirest (~> 1.1.2)

GEM
  remote: https://rubygems.org/
  specs:
    addressable (2.3.8)
    diff-lcs (1.3)
    ethon (0.10.1)
      ffi (>= 1.3.0)
    ffi (1.9.18)
    json (1.8.3)
    mime-types (1.25.1)
    mimemagic (0.3.2)
    parallel (1.11.2)
    rake (10.5.0)
    rest-client (1.6.9)
      mime-types (~> 1.16)
    rspec (3.6.0)
      rspec-core (~> 3.6.0)
      rspec-expectations (~> 3.6.0)
      rspec-mocks (~> 3.6.0)
    rspec-core (3.6.0)
      rspec-support (~> 3.6.0)
    rspec-expectations (3.6.0)
      diff-lcs (>= 1.2.0, < 2.0)
      rspec-support (~> 3.6.0)
    rspec-mocks (3.6.0)
      diff-lcs (>= 1.2.0, < 2.0)
      rspec-support (~> 3.6.0)
    rspec-support (3.6.0)
    typhoeus (1.1.2)
      ethon (>= 0.9.0)
    unirest (1.1.2)
      addressable (~> 2.3.5)
      json (~> 1.8.1)
      rest-client (~> 1.6.7)

PLATFORMS
  ruby

DEPENDENCIES
  bundler (~> 1.15)
  filestack-ruby!
  rake (~> 10.0)
  rspec (~> 3.0)

BUNDLED WITH
   1.15.1
